PATH
  remote: .
  specs:
    fanny_pack (0.1.0)
      builder
      crack

GEM
  remote: http://rubygems.org/
  specs:
    awesome_print (0.4.0)
    builder (3.0.0)
    crack (0.1.8)
    diff-lcs (1.1.2)
    fakeweb (1.3.0)
    rspec (2.6.0)
      rspec-core (~> 2.6.0)
      rspec-expectations (~> 2.6.0)
      rspec-mocks (~> 2.6.0)
    rspec-core (2.6.1)
    rspec-expectations (2.6.0)
      diff-lcs (~> 1.1.2)
    rspec-mocks (2.6.0)

PLATFORMS
  ruby

DEPENDENCIES
  awesome_print
  fakeweb (~> 1.3.0)
  fanny_pack!
  rspec (~> 2.6.0)
